PATH
  remote: .
  specs:
    woro-s3 (0.0.1)
      aws-sdk-v1
      woro

GEM
  remote: https://rubygems.org/
  specs:
    aws-sdk-v1 (1.64.0)
      json (~> 1.4)
      nokogiri (>= 1.4.4)
    commander (4.3.3)
      highline (~> 1.7.2)
    diff-lcs (1.2.5)
    fakefs (0.6.7)
    highline (1.7.2)
    json (1.8.3)
    mini_portile (0.6.2)
    nokogiri (1.6.6.2)
      mini_portile (~> 0.6.0)
    rake (10.4.2)
    rspec (3.3.0)
      rspec-core (~> 3.3.0)
      rspec-expectations (~> 3.3.0)
      rspec-mocks (~> 3.3.0)
    rspec-core (3.3.1)
      rspec-support (~> 3.3.0)
    rspec-expectations (3.3.0)
      diff-lcs (>= 1.2.0, < 2.0)
      rspec-support (~> 3.3.0)
    rspec-mocks (3.3.1)
      diff-lcs (>= 1.2.0, < 2.0)
      rspec-support (~> 3.3.0)
    rspec-nc (0.2.0)
      rspec (>= 2.9)
      terminal-notifier (>= 1.4)
    rspec-support (3.3.0)
    terminal-notifier (1.6.3)
    woro (0.2.2)
      commander

PLATFORMS
  ruby

DEPENDENCIES
  bundler (~> 1.7)
  fakefs
  rake (~> 10.0)
  rspec
  rspec-nc
  woro-s3!
